GEM
  remote: https://rubygems.org/
  specs:
    RedCloth (4.2.9)
    backports (3.3.1)
    eventmachine (1.0.3)
    mysql (2.9.0)
    rack (1.5.2)
    rack-protection (1.5.0)
      rack
    rack-test (0.6.2)
      rack (>= 1.0)
    sequel (3.7.0)
    sinatra (1.4.3)
      rack (~> 1.4)
      rack-protection (~> 1.4)
      tilt (~> 1.3, >= 1.3.4)
    sinatra-contrib (1.4.0)
      backports (>= 2.0)
      eventmachine
      rack-protection
      rack-test
      sinatra (~> 1.4.2)
      tilt (~> 1.3)
    tilt (1.4.1)

PLATFORMS
  ruby

DEPENDENCIES
  RedCloth (~> 4.2.9)
  mysql
  sequel (= 3.7)
  sinatra (= 1.4.3)
  sinatra-contrib
