GEM
  remote: https://rubygems.org/
  specs:
    mysql (2.9.0)
    rack (1.5.2)
    sinatra (1.1.4)
      rack (~> 1.1)
      tilt (>= 1.2.2, < 2.0)
      tilt (>= 1.2.2, < 2.0)
    tilt (1.4.1)

PLATFORMS
  ruby

DEPENDENCIES
  mysql
  sinatra (~> 1.1.1)
